PATH
  remote: .
  specs:
    enum_utils (0.2.0)

GEM
  remote: https://rubygems.org/
  specs:
    coderay (1.1.3)
    method_source (1.0.0)
    minitest (5.15.0)
    pry (0.14.1)
      coderay (~> 1.1)
      method_source (~> 1.0)
    rake (13.0.6)

PLATFORMS
  ruby
  x86_64-linux

DEPENDENCIES
  enum_utils!
  minitest (~> 5.0)
  pry
  rake (~> 13.0)

BUNDLED WITH
   2.3.8
